GEM
  remote: https://rubygems.org/
  specs:
    bigdecimal (3.1.8)
    concurrent-ruby (1.3.4)
    sentry-ruby (5.19.0)
      bigdecimal
      concurrent-ruby (~> 1.0, >= 1.0.2)

PLATFORMS
  arm64-darwin-23
  ruby

DEPENDENCIES
  sentry-ruby

BUNDLED WITH
   2.5.17
